GEM
  remote: https://rubygems.org/
  specs:
    colored (1.2)
    date (3.2.2)
    mini_portile2 (2.8.0)
    nokogiri (1.13.8)
      mini_portile2 (~> 2.8.0)
      racc (~> 1.4)
    open-uri (0.2.0)
      stringio
      time
      uri
    proxycrawl (1.0.0)
    racc (1.6.0)
    stringio (3.0.2)
    time (0.2.0)
      date
    uri (0.11.0)

PLATFORMS
  ruby

DEPENDENCIES
  colored
  nokogiri
  open-uri
  proxycrawl

BUNDLED WITH
   2.3.22
